GEM
  remote: https://rubygems.org/
  specs:
    e2mmap (0.1.0)
    envbash (1.0.1)
    interface (1.0.5)
    shell (0.8.1)
      e2mmap
      sync
    sync (0.5.0)

PLATFORMS
  ruby
  x86_64-linux

DEPENDENCIES
  envbash
  interface
  shell

BUNDLED WITH
   2.5.16
